GEM
  remote: https://rubygems.org/
  specs:
    google_places (0.32.0)
      httparty (~> 0.13.1)
    httparty (0.13.5)
      json (~> 1.8)
      multi_xml (>= 0.5.2)
    json (1.8.3)
    multi_xml (0.5.5)

PLATFORMS
  ruby

DEPENDENCIES
  google_places

BUNDLED WITH
   1.10.3
